GEM
  remote: https://rubygems.org/
  specs:
    nbayes (0.1.1)
    rb-libsvm (1.1.3)

PLATFORMS
  ruby

DEPENDENCIES
  nbayes
  rb-libsvm
